GEM
  remote: https://rubygems.org/
  specs:
    ansi (1.5.0)
    api_cache (0.3.0)
    builder (3.2.2)
    daemons (1.2.4)
    dalli (2.7.6)
    eventmachine (1.2.0.1)
    faraday (0.9.2)
      multipart-post (>= 1.2, < 3)
    icalendar (2.4.1)
    minitest (5.9.0)
    minitest-reporters (1.1.11)
      ansi
      builder
      minitest (>= 5.0)
      ruby-progressbar
    moneta (0.8.0)
    multipart-post (2.0.0)
    newrelic_rpm (3.16.2.321)
    rack (1.6.13)
    rack-protection (1.5.5)
      rack
    rake (11.2.2)
    ruby-progressbar (1.8.1)
    sinatra (1.4.7)
      rack (~> 1.5)
      rack-protection (~> 1.4)
      tilt (>= 1.3, < 3)
    thin (1.7.0)
      daemons (~> 1.0, >= 1.0.9)
      eventmachine (~> 1.0, >= 1.0.4)
      rack (>= 1, < 3)
    tilt (2.0.5)

PLATFORMS
  ruby

DEPENDENCIES
  api_cache
  dalli
  faraday
  icalendar
  minitest-reporters
  moneta
  newrelic_rpm
  rake
  sinatra
  thin

BUNDLED WITH
   1.13.1
